GIT
  remote: git://github.com/datamapper/dm-aggregates
  revision: 68a6f29ab3c663a58eec2b5943e2ce538a9a4a2f
  specs:
    dm-aggregates (1.3.0.beta)
      dm-core (~> 1.3.0.beta)

GIT
  remote: git://github.com/datamapper/dm-core
  revision: 8510666625e6173b4af02b6d43f3a0ccacb87e74
  specs:
    dm-core (1.3.0.beta)
      addressable (~> 2.2.6)
      virtus (~> 0.5)

GIT
  remote: git://github.com/datamapper/dm-do-adapter
  revision: 5b13be7b63b8ff2869fdb8bdbbc68470bead9993
  specs:
    dm-do-adapter (1.3.0.beta)
      data_objects (~> 0.10.6)
      dm-core (~> 1.3.0.beta)

GIT
  remote: git://github.com/datamapper/dm-migrations
  revision: 8bfcec08286a12ceee1bc3e5a01da3b5b7d4a74d
  specs:
    dm-migrations (1.3.0.beta)
      dm-core (~> 1.3.0.beta)

GIT
  remote: git://github.com/datamapper/dm-postgres-adapter
  revision: c76fb44804a352540f6e435c38e396650eca2ace
  specs:
    dm-postgres-adapter (1.3.0.beta)
      dm-do-adapter (~> 1.3.0.beta)
      do_postgres (~> 0.10.6)

GIT
  remote: git://github.com/datamapper/dm-sqlite-adapter
  revision: 641cb9bfd761263385097ca9cef8c070f801b3d1
  specs:
    dm-sqlite-adapter (1.3.0.beta)
      dm-do-adapter (~> 1.3.0.beta)
      do_sqlite3 (~> 0.10.6)

GIT
  remote: git://github.com/datamapper/dm-types
  revision: 8460ef3d3bd24593a4c8269d62b612feb69f847c
  specs:
    dm-types (1.3.0.beta)
      bcrypt-ruby (~> 3.0.0)
      dm-core (~> 1.3.0.beta)
      fastercsv (~> 1.5.4)
      multi_json (~> 1.3.2)
      stringex (~> 1.4)
      uuidtools (~> 2.1.2)

GIT
  remote: git://github.com/datamapper/dm-validations
  revision: 6da3c28c79c68125cc37c9994f106350570b88e3
  specs:
    dm-validations (1.3.0.beta)
      dm-core (~> 1.3.0.beta)

GIT
  remote: git://github.com/datamapper/do
  revision: 329b716a3d22aa348d913a385e695d0543964829
  specs:
    data_objects (0.10.9)
      addressable (~> 2.1)
    do_postgres (0.10.9)
      data_objects (= 0.10.9)
    do_sqlite3 (0.10.9)
      data_objects (= 0.10.9)

GEM
  remote: http://rubygems.org/
  specs:
    addressable (2.2.8)
    backports (2.6.3)
    bcrypt-ruby (3.0.1)
    data_mapper (0.9.2)
      dm-aggregates (>= 0.9.2)
      dm-cli (>= 0.9.2)
      dm-core (>= 0.9.2)
      dm-is-tree (>= 0.9.2)
      dm-migrations (>= 0.9.2)
      dm-observer (>= 0.9.2)
      dm-serializer (>= 0.9.2)
      dm-timestamps (>= 0.9.2)
      dm-types (>= 0.9.2)
      dm-validations (>= 0.9.2)
    dm-cli (0.10.0)
    dm-is-tree (0.10.0)
    dm-observer (0.10.0)
    dm-serializer (0.10.0)
    dm-timestamps (0.10.0)
    fastercsv (1.5.5)
    multi_json (1.3.6)
    multi_xml (0.5.1)
    pg (0.14.0)
    rack (1.4.1)
    rack-parser (0.1.2)
      multi_json
      multi_xml
      rack
    stringex (1.4.0)
    uuidtools (2.1.3)
    virtus (0.5.1)
      backports (~> 2.6.1)

PLATFORMS
  ruby

DEPENDENCIES
  data_mapper
  dm-aggregates!
  dm-core!
  dm-do-adapter!
  dm-migrations!
  dm-postgres-adapter!
  dm-sqlite-adapter!
  dm-types!
  dm-validations!
  do_postgres!
  pg
  rack-parser
